GIT
  remote: https://github.com/md5/rack-conneg.git
  revision: 5346307b7983bd7df40c0aa9f390a9426f679ee1
  branch: nil-fallback
  specs:
    rack-conneg (0.2.0)
      rack (>= 1.0)

GEM
  remote: https://rubygems.org/
  specs:
    erubis (2.7.0)
    rack (1.5.2)
    rack-protection (1.5.3)
      rack
    sinatra (1.4.5)
      rack (~> 1.4)
      rack-protection (~> 1.4)
      tilt (~> 1.3, >= 1.3.4)
    tilt (1.4.1)

PLATFORMS
  ruby

DEPENDENCIES
  erubis
  rack-conneg!
  sinatra
